GIT
  remote: git://github.com/tka/rack-coffee
  revision: a1cef1b2b91b0d92c3184adbe80c6825efea946a
  specs:
    rack-coffee (1.0.0)
      coffee-script
      rack

GIT
  remote: git://github.com/tka/serve.git
  revision: 000bcd8028bff7252a4c1e5e445671990d9cf02a
  specs:
    serve (1.5.1)
      activesupport (~> 3.0)
      i18n
      rack (~> 1.2)
      rack-test (~> 0.5)
      tilt (~> 1.3)
      tzinfo

GEM
  remote: http://rubygems.org/
  specs:
    activesupport (3.2.8)
      i18n (~> 0.6)
      multi_json (~> 1.0)
    addressable (2.3.2)
    bootstrap-sass (2.1.0.0)
    chunky_png (1.2.6)
    coffee-script (2.2.0)
      coffee-script-source
      execjs
    coffee-script-source (1.3.3)
    compass (0.12.2)
      chunky_png (~> 1.2)
      fssm (>= 0.2.7)
      sass (~> 3.1)
    daemons (1.1.9)
    erubis (2.7.0)
    eventmachine (1.0.0)
    excon (0.16.2)
    execjs (1.4.0)
      multi_json (~> 1.0)
    fssm (0.2.9)
    heroku (2.31.2)
      heroku-api (~> 0.3.4)
      launchy (>= 0.3.2)
      netrc (~> 0.7.7)
      rest-client (~> 1.6.1)
      rubyzip
    heroku-api (0.3.5)
      excon (~> 0.16.1)
    i18n (0.6.1)
    json (1.7.5)
    kramdown (0.14.0)
    launchy (2.1.2)
      addressable (~> 2.3)
    mime-types (1.19)
    multi_json (1.3.6)
    netrc (0.7.7)
    rack (1.4.1)
    rack-recaptcha (0.6.5)
      json
    rack-test (0.6.1)
      rack (>= 1.0)
    rest-client (1.6.7)
      mime-types (>= 1.16)
    rubyzip (0.9.9)
    sass (3.2.1)
    thin (1.4.1)
      daemons (>= 1.0.9)
      eventmachine (>= 0.12.6)
      rack (>= 1.0.0)
    tilt (1.3.3)
    tzinfo (0.3.33)
    warden (1.2.1)
      rack (>= 1.0)

PLATFORMS
  ruby

DEPENDENCIES
  bootstrap-sass
  compass
  erubis
  heroku
  kramdown
  rack-coffee!
  rack-recaptcha
  serve!
  thin
  warden
